GEM
  remote: https://rubygems.org/
  specs:
    activemodel (6.1.1)
      activesupport (= 6.1.1)
    activesupport (6.1.1)
      concurrent-ruby (~> 1.0, >= 1.0.2)
      i18n (>= 1.6, < 2)
      minitest (>= 5.1)
      tzinfo (~> 2.0)
      zeitwerk (~> 2.3)
    concurrent-ruby (1.1.8)
    i18n (1.8.7)
      concurrent-ruby (~> 1.0)
    io-console (0.5.7)
    irb (1.3.2)
      reline (>= 0.1.5)
    minitest (5.14.3)
    reline (0.2.2)
      io-console (~> 0.5)
    tzinfo (2.0.4)
      concurrent-ruby (~> 1.0)
    zeitwerk (2.4.2)

PLATFORMS
  x86_64-linux

DEPENDENCIES
  activemodel (~> 6.1)
  irb (~> 1.3)

BUNDLED WITH
   2.2.7
